GEM
  remote: https://rubygems.org/
  specs:
    CFPropertyList (2.3.2)
    addressable (2.3.8)
    appium_console (1.0.4)
      appium_lib (>= 1.0.0)
      bond (~> 0.5.1)
      pry (~> 0.10.1)
      spec (>= 5.3.4)
    appium_lib (8.0.0)
      awesome_print (~> 1.6)
      json (~> 1.8)
      nokogiri (~> 1.6.6)
      selenium-webdriver (~> 2.48)
      toml (~> 0.0)
    archive-zip (0.7.0)
      io-like (~> 0.3.0)
    awesome_print (1.6.1)
    blankslate (2.1.2.4)
    bond (0.5.1)
    builder (3.2.2)
    calabash-common (0.0.2)
    calabash-cucumber (0.16.4)
      CFPropertyList
      awesome_print
      bundler (~> 1.3)
      calabash-common (~> 0.0.2)
      cucumber (~> 1.3.17)
      edn (>= 1.0.6, < 2.0)
      geocoder (>= 1.1.8, < 2.0)
      httpclient (>= 2.3.2, < 3.0)
      json
      run_loop (>= 1.5.5, < 2.0)
      sim_launcher (~> 0.4.13)
      slowhandcuke (~> 0.0.3)
    capybara (2.5.0)
      mime-types (>= 1.16)
      nokogiri (>= 1.3.3)
      rack (>= 1.0.0)
      rack-test (>= 0.5.4)
      xpath (~> 2.0)
    capybara-screenshot (1.0.11)
      capybara (>= 1.0, < 3)
      launchy
    childprocess (0.5.6)
      ffi (~> 1.0, >= 1.0.11)
    chromedriver-helper (1.0.0)
      archive-zip (~> 0.7.0)
      nokogiri (~> 1.6)
    chronic_duration (0.10.6)
      numerizer (~> 0.1.1)
    coderay (1.1.0)
    colorize (0.7.7)
    command_runner_ng (0.0.2)
    cucumber (1.3.20)
      builder (>= 2.1.2)
      diff-lcs (>= 1.1.3)
      gherkin (~> 2.12)
      multi_json (>= 1.7.5, < 2.0)
      multi_test (>= 0.1.2)
    diff-lcs (1.2.5)
    edn (1.1.0)
    ffi (1.9.10)
    geocoder (1.2.11)
    gherkin (2.12.2)
      multi_json (~> 1.3)
    headless (2.2.0)
    httpclient (2.6.0.1)
    io-like (0.3.0)
    json (1.8.3)
    launchy (2.4.3)
      addressable (~> 2.3)
    method_source (0.8.2)
    mime-types (2.6.2)
    mini_portile (0.6.2)
    multi_json (1.11.2)
    multi_test (0.1.2)
    nokogiri (1.6.6.2)
      mini_portile (~> 0.6.0)
    numerizer (0.1.1)
    parslet (1.5.0)
      blankslate (~> 2.0)
    pry (0.10.2)
      coderay (~> 1.1.0)
      method_source (~> 0.8.1)
      slop (~> 3.4)
    rack (1.6.4)
    rack-protection (1.5.3)
      rack
    rack-test (0.6.3)
      rack (>= 1.0)
    retriable (2.0.2)
    rspec (3.3.0)
      rspec-core (~> 3.3.0)
      rspec-expectations (~> 3.3.0)
      rspec-mocks (~> 3.3.0)
    rspec-core (3.3.2)
      rspec-support (~> 3.3.0)
    rspec-expectations (3.3.1)
      diff-lcs (>= 1.2.0, < 2.0)
      rspec-support (~> 3.3.0)
    rspec-mocks (3.3.2)
      diff-lcs (>= 1.2.0, < 2.0)
      rspec-support (~> 3.3.0)
    rspec-support (3.3.0)
    rubyzip (1.1.7)
    run_loop (1.5.5)
      CFPropertyList (~> 2.2)
      awesome_print (~> 1.2)
      command_runner_ng (>= 0.0.2)
      json (~> 1.8)
      retriable (>= 1.3.3.1, < 2.1)
      thor (>= 0.18.1, < 1.0)
    selenium-webdriver (2.48.0)
      childprocess (~> 0.5)
      multi_json (~> 1.0)
      rubyzip (~> 1.0)
      websocket (~> 1.0)
    sim_launcher (0.4.13)
      sinatra
    sinatra (1.4.6)
      rack (~> 1.4)
      rack-protection (~> 1.4)
      tilt (>= 1.3, < 3)
    site_prism (2.7)
      addressable (>= 2.3.3, < 3.0)
      capybara (>= 2.1, < 3.0)
    slop (3.6.0)
    slowhandcuke (0.0.3)
      cucumber
    spec (5.3.4)
      chronic_duration (~> 0.10.2)
    thor (0.19.1)
    tilt (2.0.1)
    toml (0.1.2)
      parslet (~> 1.5.0)
    websocket (1.2.2)
    xpath (2.0.0)
      nokogiri (~> 1.3)

PLATFORMS
  ruby

DEPENDENCIES
  appium_console
  calabash-cucumber
  capybara
  capybara-screenshot
  chromedriver-helper
  colorize
  cucumber
  headless
  nokogiri
  rspec
  selenium-webdriver
  site_prism

BUNDLED WITH
   1.10.6
